PATH
  remote: .
  specs:
    neoscout (0.1.1)
      httparty
      json
      neo4j-core (~> 2.0.1)
      neo4j-wrapper (~> 2.0.1)
      sinatra

GEM
  remote: http://rubygems.org/
  specs:
    coderay (1.0.6)
    diff-lcs (1.1.3)
    httparty (0.9.0)
      multi_json (~> 1.0)
      multi_xml
    json (1.7.5-java)
    method_source (0.7.1)
    multi_json (1.1.0)
    multi_xml (0.5.1)
    neo4j-community (1.8-java)
    neo4j-core (2.0.1-java)
      neo4j-community (>= 1.7.0)
    neo4j-wrapper (2.0.1-java)
      neo4j-core (= 2.0.1)
    pry (0.9.9.6-java)
      coderay (~> 1.0.5)
      method_source (~> 0.7.1)
      slop (>= 2.4.4, < 3)
      spoon (~> 0.0)
    rack (1.4.1)
    rack-protection (1.2.0)
      rack
    rspec (2.6.0)
      rspec-core (~> 2.6.0)
      rspec-expectations (~> 2.6.0)
      rspec-mocks (~> 2.6.0)
    rspec-core (2.6.4)
    rspec-expectations (2.6.0)
      diff-lcs (~> 1.1.2)
    rspec-mocks (2.6.0)
    simplecov (0.6.1)
      multi_json (~> 1.0)
      simplecov-html (~> 0.5.3)
    simplecov-html (0.5.3)
    sinatra (1.3.3)
      rack (~> 1.3, >= 1.3.6)
      rack-protection (~> 1.2)
      tilt (~> 1.3, >= 1.3.3)
    slop (2.4.4)
    spoon (0.0.1)
    tilt (1.3.3)

PLATFORMS
  java

DEPENDENCIES
  neoscout!
  pry
  rspec
  simplecov
